GIT
  remote: git://github.com/andrewccadman/wraith-selenium.git
  revision: 495e6392545fe62d77b21a62d8842e10ba8f0e7b
  specs:
    selenium-wraith (0.1)
      anemone
      image_size
      log4r
      nokogiri
      rake
      robotex
      selenium-webdriver
      thor

GEM
  remote: https://rubygems.org/
  specs:
    anemone (0.7.2)
      nokogiri (>= 1.3.0)
      robotex (>= 1.0.0)
    childprocess (0.5.5)
      ffi (~> 1.0, >= 1.0.11)
    ffi (1.9.8)
    image_size (1.4.1)
    log4r (1.1.10)
    mini_portile (0.6.2)
    multi_json (1.11.0)
    nokogiri (1.6.6.2)
      mini_portile (~> 0.6.0)
    rake (10.4.2)
    robotex (1.0.0)
    rubyzip (1.1.7)
    selenium-webdriver (2.45.0)
      childprocess (~> 0.5)
      multi_json (~> 1.0)
      rubyzip (~> 1.0)
      websocket (~> 1.0)
    thor (0.19.1)
    websocket (1.2.1)

PLATFORMS
  ruby

DEPENDENCIES
  selenium-wraith!
